GEM
  remote: https://rubygems.org/
  specs:
    activesupport (3.2.22.5)
      i18n (~> 0.6, >= 0.6.4)
      multi_json (~> 1.0)
    colored (1.2)
    concurrent-ruby (1.1.5)
    i18n (0.9.5)
      concurrent-ruby (~> 1.0)
    ib (0.2.2)
      thor (>= 0.15.4)
      xcodeproj (>= 0.4.0)
    multi_json (1.14.0)
    rake (10.0.2)
    thor (0.16.0)
    xcodeproj (0.4.0)
      activesupport (~> 3.2.6)
      colored (~> 1.2)

PLATFORMS
  ruby

DEPENDENCIES
  ib
  rake
