GEM
  remote: https://rubygems.org/
  specs:
    activesupport (3.2.6)
      i18n (~> 0.6)
      multi_json (~> 1.0)
    i18n (0.6.0)
    ib (0.0.1)
      xcodeproj (>= 0.2.3)
    multi_json (1.3.6)
    rake (0.9.2.2)
    xcodeproj (0.2.3)
      activesupport (~> 3.2.6)

PLATFORMS
  ruby

DEPENDENCIES
  ib
  rake
