GEM
  remote: https://rubygems.org/
  specs:
    activesupport (3.2.7)
      i18n (~> 0.6)
      multi_json (~> 1.0)
    i18n (0.6.0)
    ib (0.1.4)
      thor (~> 0.15.4)
      xcodeproj (>= 0.2.3)
    multi_json (1.3.6)
    rake (0.9.2.2)
    thor (0.15.4)
    xcodeproj (0.3.1)
      activesupport (~> 3.2.6)

PLATFORMS
  ruby

DEPENDENCIES
  ib
  rake
